GEM
  remote: https://rubygems.org/
  specs:
    embulk (0.10.32-java)
      msgpack (>= 1.1.0)
    msgpack (1.4.1-java)

PLATFORMS
  java

DEPENDENCIES
  embulk

BUNDLED WITH
   1.16.0
