GEM
  remote: https://rubygems.org/
  specs:
    embulk (0.9.23-java)
      bundler (>= 1.10.6)
      liquid (~> 4.0.0)
      msgpack (~> 1.1.0)
    liquid (4.0.3)
    msgpack (1.1.0-java)

PLATFORMS
  java

DEPENDENCIES
  embulk (~> 0.9.0)

BUNDLED WITH
   1.16.0
