GEM
  remote: https://rubygems.org/
  specs:
    addressable (2.8.0)
      public_suffix (>= 2.0.2, < 5.0)
    concurrent-ruby (1.1.9)
    declarative (0.0.20)
    declarative-option (0.1.0)
    embulk (0.9.23-java)
      bundler (>= 1.10.6)
      liquid (~> 4.0.0)
      msgpack (~> 1.1.0)
    embulk-output-bigquery (0.6.6)
      faraday (~> 0.12)
      google-api-client (< 0.33.0)
      representable (~> 3.0.0, < 3.1)
      signet (~> 0.7, < 0.12.0)
      time_with_zone
    embulk-output-mysql (0.10.1-java)
    embulk-parser-jsonl (0.2.1)
    faraday (0.17.4)
      multipart-post (>= 1.2, < 3)
    google-api-client (0.32.1)
      addressable (~> 2.5, >= 2.5.1)
      googleauth (>= 0.5, < 0.10.0)
      httpclient (>= 2.8.1, < 3.0)
      mini_mime (~> 1.0)
      representable (~> 3.0)
      retriable (>= 2.0, < 4.0)
      signet (~> 0.10)
    googleauth (0.9.0)
      faraday (~> 0.12)
      jwt (>= 1.4, < 3.0)
      memoist (~> 0.16)
      multi_json (~> 1.11)
      os (>= 0.9, < 2.0)
      signet (~> 0.7)
    httpclient (2.8.3)
    jwt (2.2.3)
    liquid (4.0.3)
    memoist (0.16.2)
    mini_mime (1.1.0)
    msgpack (1.1.0-java)
    multi_json (1.15.0)
    multipart-post (2.1.1)
    os (1.1.1)
    public_suffix (4.0.6)
    representable (3.0.4)
      declarative (< 0.1.0)
      declarative-option (< 0.2.0)
      uber (< 0.2.0)
    retriable (3.1.2)
    signet (0.11.0)
      addressable (~> 2.3)
      faraday (~> 0.9)
      jwt (>= 1.5, < 3.0)
      multi_json (~> 1.10)
    time_with_zone (0.3.1)
      tzinfo
    tzinfo (2.0.4)
      concurrent-ruby (~> 1.0)
    uber (0.1.0)

PLATFORMS
  java

DEPENDENCIES
  embulk (~> 0.9.0)!
  embulk-output-bigquery!
  embulk-output-mysql!
  embulk-parser-jsonl!

BUNDLED WITH
   1.16.0
